GEM
  remote: http://ruby.taobao.org/
  specs:
    xmpp4r (0.5)

PLATFORMS
  ruby

DEPENDENCIES
  xmpp4r
