GEM
  remote: http://rubygems.org/
  specs:
    activesupport (3.2.6)
      i18n (~> 0.6)
      multi_json (~> 1.0)
    builder (3.0.0)
    celluloid (0.11.0)
    clockwork (0.4.0)
      tzinfo
    coderay (1.0.6)
    connection_pool (0.9.1)
    cucumber (1.2.1)
      builder (>= 2.1.2)
      diff-lcs (>= 1.1.3)
      gherkin (~> 2.11.0)
      json (>= 1.4.6)
    diff-lcs (1.1.3)
    faker (1.0.1)
      i18n (~> 0.4)
    foreman (0.47.0)
      thor (>= 0.13.6)
    gherkin (2.11.1)
      json (>= 1.4.6)
    hike (1.2.1)
    i18n (0.6.0)
    json (1.7.4)
    method_source (0.7.1)
    multi_json (1.3.6)
    mysqlplus (0.1.2)
    nokogiri (1.5.5)
    pg (0.13.2)
    pry (0.9.9.6)
      coderay (~> 1.0.5)
      method_source (~> 0.7.1)
      slop (>= 2.4.4, < 3)
    pry-nav (0.2.1)
      pry (~> 0.9.9)
    rack (1.4.1)
    rack-protection (1.2.0)
      rack
    rake (0.9.2.2)
    redis (3.0.1)
    redis-namespace (1.2.0)
      redis (~> 3.0.0)
    rspec (2.11.0)
      rspec-core (~> 2.11.0)
      rspec-expectations (~> 2.11.0)
      rspec-mocks (~> 2.11.0)
    rspec-core (2.11.1)
    rspec-expectations (2.11.2)
      diff-lcs (~> 1.1.3)
    rspec-mocks (2.11.1)
    sequel (3.36.1)
    sidekiq (2.0.3)
      celluloid (~> 0.11.0)
      connection_pool (~> 0.9.0)
      multi_json (~> 1)
      redis (~> 3)
      redis-namespace
    simplecov (0.6.4)
      multi_json (~> 1.0)
      simplecov-html (~> 0.5.3)
    simplecov-html (0.5.3)
    sinatra (1.3.2)
      rack (~> 1.3, >= 1.3.6)
      rack-protection (~> 1.2)
      tilt (~> 1.3, >= 1.3.3)
    slim (1.2.2)
      temple (~> 0.4.0)
      tilt (~> 1.3.3)
    slop (2.4.4)
    sprockets (2.4.3)
      hike (~> 1.2)
      multi_json (~> 1.0)
      rack (~> 1.0)
      tilt (~> 1.1, != 1.3.0)
    temple (0.4.0)
    thor (0.15.3)
    tilt (1.3.3)
    tzinfo (0.3.33)
    xmpp4r (0.5)

PLATFORMS
  ruby

DEPENDENCIES
  activesupport (~> 3.2.6)
  clockwork
  cucumber (~> 1.2.1)
  faker (~> 1.0.1)
  foreman (~> 0.47.0)
  mysqlplus (~> 0.1.2)
  nokogiri (~> 1.5.4)
  pg (~> 0.13.2)
  pry
  pry-nav
  rack
  rake
  rspec (~> 2.11.0)
  sequel (~> 3.36.1)
  sidekiq (~> 2.0.2)
  simplecov (~> 0.6.4)
  sinatra
  slim
  sprockets
  xmpp4r (~> 0.5)
