GEM
  remote: http://ruby.taobao.org/
  specs:
    activesupport (3.2.6)
      i18n (~> 0.6)
      multi_json (~> 1.0)
    coderay (1.0.6)
    foreman (0.47.0)
      thor (>= 0.13.6)
    i18n (0.6.0)
    method_source (0.7.1)
    multi_json (1.3.6)
    nokogiri (1.5.4)
    pry (0.9.9.6)
      coderay (~> 1.0.5)
      method_source (~> 0.7.1)
      slop (>= 2.4.4, < 3)
    rack (1.4.1)
    rack-protection (1.2.0)
      rack
    redis (2.2.2)
    redis-namespace (1.0.3)
      redis (< 3.0.0)
    resque (1.20.0)
      multi_json (~> 1.0)
      redis-namespace (~> 1.0.2)
      sinatra (>= 0.9.2)
      vegas (~> 0.1.2)
    resque-scheduler (2.0.0)
      redis (>= 2.0.1)
      resque (>= 1.20.0)
      rufus-scheduler
    rufus-scheduler (2.0.17)
      tzinfo (>= 0.3.23)
    sequel (3.36.1)
    sinatra (1.3.2)
      rack (~> 1.3, >= 1.3.6)
      rack-protection (~> 1.2)
      tilt (~> 1.3, >= 1.3.3)
    slop (2.4.4)
    sqlite3 (1.3.6)
    thor (0.15.3)
    tilt (1.3.3)
    tzinfo (0.3.33)
    vegas (0.1.11)
      rack (>= 1.0.0)
    xmpp4r (0.5)

PLATFORMS
  ruby

DEPENDENCIES
  activesupport (~> 3.2.6)
  foreman (~> 0.47.0)
  nokogiri (~> 1.5.4)
  pry
  resque (~> 1.20.0)
  resque-scheduler (~> 2.0.0)
  sequel (~> 3.36.1)
  sqlite3 (~> 1.3.6)
  xmpp4r (~> 0.5)
