GEM
  remote: http://ruby.taobao.org/
  specs:
    activesupport (3.2.6)
      i18n (~> 0.6)
      multi_json (~> 1.0)
    celluloid (0.11.0)
    chronic (0.6.7)
    clockwork (0.4.0)
      tzinfo
    coderay (1.0.6)
    connection_pool (0.9.1)
    foreman (0.47.0)
      thor (>= 0.13.6)
    hike (1.2.1)
    i18n (0.6.0)
    method_source (0.7.1)
    multi_json (1.3.6)
    nokogiri (1.5.5)
    pg (0.13.2)
    pry (0.9.9.6)
      coderay (~> 1.0.5)
      method_source (~> 0.7.1)
      slop (>= 2.4.4, < 3)
    rack (1.4.1)
    rack-protection (1.2.0)
      rack
    redis (3.0.1)
    redis-namespace (1.2.0)
      redis (~> 3.0.0)
    sequel (3.36.1)
    sidekiq (2.0.3)
      celluloid (~> 0.11.0)
      connection_pool (~> 0.9.0)
      multi_json (~> 1)
      redis (~> 3)
      redis-namespace
    sinatra (1.3.2)
      rack (~> 1.3, >= 1.3.6)
      rack-protection (~> 1.2)
      tilt (~> 1.3, >= 1.3.3)
    slim (1.2.2)
      temple (~> 0.4.0)
      tilt (~> 1.3.3)
    slop (2.4.4)
    sprockets (2.4.3)
      hike (~> 1.2)
      multi_json (~> 1.0)
      rack (~> 1.0)
      tilt (~> 1.1, != 1.3.0)
    temple (0.4.0)
    thor (0.15.3)
    tilt (1.3.3)
    tzinfo (0.3.33)
    whenever (0.7.3)
      activesupport (>= 2.3.4)
      chronic (~> 0.6.3)
    xmpp4r (0.5)

PLATFORMS
  ruby

DEPENDENCIES
  activesupport (~> 3.2.6)
  clockwork
  foreman (~> 0.47.0)
  nokogiri (~> 1.5.4)
  pg (~> 0.13.2)
  pry
  rack
  sequel (~> 3.36.1)
  sidekiq (~> 2.0.2)
  sinatra
  slim
  sprockets
  whenever (~> 0.7.3)
  xmpp4r (~> 0.5)
