GEM
  remote: http://ruby.taobao.org/
  specs:
    celluloid (0.11.0)
    coderay (1.0.6)
    connection_pool (0.9.1)
    method_source (0.7.1)
    multi_json (1.3.6)
    pry (0.9.9.6)
      coderay (~> 1.0.5)
      method_source (~> 0.7.1)
      slop (>= 2.4.4, < 3)
    redis (3.0.1)
    redis-namespace (1.2.0)
      redis (~> 3.0.0)
    sequel (3.36.1)
    sidekiq (2.0.2)
      celluloid (~> 0.11.0)
      connection_pool (~> 0.9.0)
      multi_json (~> 1)
      redis (~> 3)
      redis-namespace
    slop (2.4.4)
    sqlite3 (1.3.6)
    xmpp4r (0.5)

PLATFORMS
  ruby

DEPENDENCIES
  pry
  sequel (~> 3.36.1)
  sidekiq (~> 2.0.2)
  sqlite3
  xmpp4r (~> 0.5)
